GEM
  remote: https://rubygems.org/
  specs:
    docile (1.1.5)
    minitest-spec-context (0.0.3)
    multi_json (1.10.1)
    rubyzip (1.1.6)
    simplecov (0.9.1)
      docile (~> 1.1.0)
      multi_json (~> 1.0)
      simplecov-html (~> 0.8.0)
    simplecov-html (0.8.0)

PLATFORMS
  ruby

DEPENDENCIES
  minitest-spec-context
  rubyzip
  simplecov
